GEM
  remote: https://rubygems.org/
  specs:
    coderay (1.1.3)
    concurrent-ruby (1.1.6)
    excon (0.75.0)
    faraday (1.0.1)
      multipart-post (>= 1.2, < 3)
    ffi (1.13.1-java)
    method_source (1.0.0)
    mini_portile2 (2.4.0)
    multipart-post (2.1.1)
    nokogiri (1.10.9)
      mini_portile2 (~> 2.4.0)
    nokogiri (1.10.9-java)
    pry (0.13.1)
      coderay (~> 1.1)
      method_source (~> 1.0)
    pry (0.13.1-java)
      coderay (~> 1.1)
      method_source (~> 1.0)
      spoon (~> 0.0)
    spoon (0.0.6)
      ffi

PLATFORMS
  java
  ruby

DEPENDENCIES
  concurrent-ruby (~> 1.1)
  excon (~> 0.75.0)
  faraday (~> 1.0)
  nokogiri (~> 1.10)
  pry (~> 0.13.1)

BUNDLED WITH
   2.1.4
